GEM
  remote: https://rubygems.org/
  specs:
    gosu (0.15.1-x64-mingw32)
    require_all (3.0.0)

PLATFORMS
  x64-mingw32

DEPENDENCIES
  gosu
  require_all

BUNDLED WITH
   2.0.2
